GEM
  remote: http://rubygems.org/
  specs:
    json (1.7.7)
    json (1.7.7-java)
    libv8 (3.11.8.13)
    rack (1.5.2)
    rack-protection (1.3.2)
      rack
    ref (1.0.2)
    sinatra (1.3.4)
      rack (~> 1.4)
      rack-protection (~> 1.3)
      tilt (~> 1.3, >= 1.3.3)
    therubyracer (0.11.3)
      libv8 (~> 3.11.8.12)
      ref
    tilt (1.3.3)

PLATFORMS
  java
  ruby

DEPENDENCIES
  json (~> 1.7.7)
  sinatra (~> 1.3.0)
  therubyracer
