GEM
  remote: http://rubygems.org/
  specs:
    aws-sdk (1.50.0)
      json (~> 1.4)
      nokogiri (>= 1.4.4)
    json (1.8.0)
    json (1.8.0-java)
    libv8 (3.11.8.13)
    mini_portile (0.6.0)
    nokogiri (1.6.3.1)
      mini_portile (= 0.6.0)
    nokogiri (1.6.3.1-java)
    parseconfig (1.0.4)
    rack (1.5.2)
    rack-protection (1.3.2)
      rack
    ref (1.0.2)
    sinatra (1.3.4)
      rack (~> 1.4)
      rack-protection (~> 1.3)
      tilt (~> 1.3, >= 1.3.3)
    therubyracer (0.11.3)
      libv8 (~> 3.11.8.12)
      ref
    tilt (1.3.3)

PLATFORMS
  java
  ruby

DEPENDENCIES
  aws-sdk (~> 1.0)
  json (~> 1.8.0)
  parseconfig
  sinatra (~> 1.3.0)
  therubyracer
