GEM
  remote: http://rubygems.org/
  specs:
    libv8 (3.11.8.13)
    rack (1.2.1)
    ref (1.0.2)
    sinatra (1.0)
      rack (>= 1.0)
    therubyracer (0.11.3)
      libv8 (~> 3.11.8.12)
      ref

PLATFORMS
  java
  ruby

DEPENDENCIES
  sinatra
  therubyracer
