GEM
  remote: http://rubygems.org/
  specs:
    aws-sdk (1.54.0)
      aws-sdk-v1 (= 1.54.0)
    aws-sdk-v1 (1.54.0)
      json (~> 1.4)
      nokogiri (>= 1.4.4)
    json (1.8.1)
    json (1.8.1-java)
    libv8 (3.16.14.7)
    mini_portile (0.6.0)
    nokogiri (1.6.3.1)
      mini_portile (= 0.6.0)
    nokogiri (1.6.3.1-java)
    parseconfig (1.0.4)
    rack (1.5.2)
    rack-protection (1.5.3)
      rack
    ref (1.0.5)
    sinatra (1.3.6)
      rack (~> 1.4)
      rack-protection (~> 1.3)
      tilt (~> 1.3, >= 1.3.3)
    therubyracer (0.12.1)
      libv8 (~> 3.16.14.0)
      ref
    tilt (1.4.1)

PLATFORMS
  java
  ruby

DEPENDENCIES
  aws-sdk (~> 1.0)
  json (~> 1.8.0)
  parseconfig
  sinatra (~> 1.3.0)
  therubyracer
